GEM
  remote: https://rubygems.org/
  specs:
    colored (1.2)
    thor (0.15.0)

PLATFORMS
  ruby

DEPENDENCIES
  colored
  thor
